PATH
  remote: .
  specs:
    vetsuccess-flyway (0.0.19)

GEM
  remote: https://rubygems.org/
  specs:

PLATFORMS
  ruby

DEPENDENCIES
  vetsuccess-flyway!

BUNDLED WITH
   2.1.0
